GEM
  remote: https://rubygems.org/
  specs:
    minitest (5.14.4)
    ruby2d (0.11.0)

PLATFORMS
  x86_64-linux

DEPENDENCIES
  minitest (~> 5.14.4)
  ruby2d (~> 0.11.0)

BUNDLED WITH
   2.2.27
